GEM
  remote: https://rubygems.org/
  specs:
    kramdown (2.4.0)
      rexml
    kramdown-asciidoc (2.1.0)
      kramdown (~> 2.4.0)
      kramdown-parser-gfm (~> 1.1.0)
      rexml (~> 3.2.0)
    kramdown-parser-gfm (1.1.0)
      kramdown (~> 2.0)
    rexml (3.2.6)

PLATFORMS
  arm64-darwin-21
  x86_64-linux

DEPENDENCIES
  kramdown-asciidoc (~> 2.1)

BUNDLED WITH
   2.2.32
